GEM
  remote: https://rubygems.org/
  specs:
    rspec-core (3.9.0)
      rspec-support (~> 3.9.0)
    rspec-support (3.9.0)
    rspec_junit_formatter (0.4.1)
      rspec-core (>= 2, < 4, != 2.12.0)

PLATFORMS
  ruby

DEPENDENCIES
  rspec_junit_formatter

BUNDLED WITH
   1.17.2
